GEM
  remote: http://rubygems.org/
  specs:
    abstract (1.0.0)
    actionmailer (3.0.0.beta3)
      actionpack (= 3.0.0.beta3)
      mail (~> 2.2.0)
      text-format (~> 1.0.0)
    actionpack (3.0.0.beta3)
      activemodel (= 3.0.0.beta3)
      activesupport (= 3.0.0.beta3)
      erubis (~> 2.6.5)
      rack (~> 1.1.0)
      rack-mount (~> 0.6.0)
      rack-test (~> 0.5.0)
    activemodel (3.0.0.beta3)
      activesupport (= 3.0.0.beta3)
    activerecord (3.0.0.beta3)
      activemodel (= 3.0.0.beta3)
      activesupport (= 3.0.0.beta3)
      arel (~> 0.3.3)
    activeresource (3.0.0.beta3)
      activemodel (= 3.0.0.beta3)
      activesupport (= 3.0.0.beta3)
    activesupport (3.0.0.beta3)
      builder (~> 2.1.2)
      i18n (~> 0.3.6)
      memcache-client (>= 1.7.5)
      tzinfo (~> 0.3.16)
    arel (0.3.3)
      activesupport (>= 3.0.0.beta)
    bcrypt-ruby (2.1.4)
    builder (2.1.2)
    devise (1.1.5)
      bcrypt-ruby (~> 2.1.2)
      warden (~> 1.0.2)
    erubis (2.6.6)
      abstract (>= 1.0.0)
    haml (3.0.25)
    hpricot (0.8.3)
    i18n (0.3.7)
    mail (2.2.7)
      activesupport (>= 2.3.6)
      mime-types
      treetop (>= 1.4.5)
    memcache-client (1.8.5)
    mime-types (1.16)
    polyglot (0.3.1)
    rack (1.1.0)
    rack-mount (0.6.13)
      rack (>= 1.0.0)
    rack-test (0.5.7)
      rack (>= 1.0)
    rails (3.0.0.beta3)
      actionmailer (= 3.0.0.beta3)
      actionpack (= 3.0.0.beta3)
      activerecord (= 3.0.0.beta3)
      activeresource (= 3.0.0.beta3)
      activesupport (= 3.0.0.beta3)
      bundler (>= 0.9.19)
      railties (= 3.0.0.beta3)
    railties (3.0.0.beta3)
      actionpack (= 3.0.0.beta3)
      activesupport (= 3.0.0.beta3)
      rake (>= 0.8.3)
      thor (~> 0.13.4)
    rake (0.8.7)
    ruby_parser (2.0.5)
      sexp_processor (~> 3.0)
    sexp_processor (3.0.5)
    sqlite3-ruby (1.3.2)
    text-format (1.0.0)
      text-hyphen (~> 1.0.0)
    text-hyphen (1.0.0)
    thor (0.13.8)
    treetop (1.4.9)
      polyglot (>= 0.3.1)
    tzinfo (0.3.23)
    warden (1.0.3)
      rack (>= 1.0.0)
    web-app-theme (0.6.3)

PLATFORMS
  ruby

DEPENDENCIES
  devise
  haml
  hpricot
  rails (= 3.0.0.beta3)
  ruby_parser
  sqlite3-ruby
  web-app-theme (>= 0.6.2)
